PATH
  remote: .
  specs:
    gameoverseer (0.1.2)
      concurrent-ruby
      gosu (= 0.10.6)
      multi_json
      renet

GEM
  remote: https://rubygems.org/
  specs:
    concurrent-ruby (1.0.1)
    concurrent-ruby (1.0.1-java)
    gosu (0.10.6)
    gosu (0.10.6-x64-mingw32)
    gosu (0.10.6-x86-mingw32)
    multi_json (1.11.3)
    renet (0.2.1)

PLATFORMS
  java
  x64-mingw32
  x86-mingw32

DEPENDENCIES
  gameoverseer!

BUNDLED WITH
   1.11.2
